GEM
  remote: http://rubygems.org/
  specs:
    byebug (9.0.5)
    chronic (0.10.2)
    colorize (0.7.7)

PLATFORMS
  ruby

DEPENDENCIES
  byebug
  chronic
  colorize

BUNDLED WITH
   1.12.5
